GEM
  specs:
    excon (0.42.1)
    faraday (0.9.2)
      multipart-post (>= 1.2, < 3)
    faraday_middleware (0.10.0)
      faraday (>= 0.7.4, < 0.10)
    multipart-post (2.0.0)

PLATFORMS
  ruby

DEPENDENCIES
  excon
  faraday
  faraday_middleware

BUNDLED WITH
   1.11.2
